PATH
  remote: .
  specs:
    deal_with_it (0.1.0)

GEM
  remote: https://rubygems.org/
  specs:
    ast (2.4.0)
    codeclimate-test-reporter (1.0.8)
      simplecov (<= 0.13)
    diff-lcs (1.3)
    docile (1.1.5)
    json (2.1.0)
    parallel (1.12.1)
    parser (2.5.1.0)
      ast (~> 2.4.0)
    powerpack (0.1.1)
    rainbow (3.0.0)
    rake (12.3.1)
    rspec (3.7.0)
      rspec-core (~> 3.7.0)
      rspec-expectations (~> 3.7.0)
      rspec-mocks (~> 3.7.0)
    rspec-core (3.7.1)
      rspec-support (~> 3.7.0)
    rspec-expectations (3.7.0)
      diff-lcs (>= 1.2.0, < 2.0)
      rspec-support (~> 3.7.0)
    rspec-mocks (3.7.0)
      diff-lcs (>= 1.2.0, < 2.0)
      rspec-support (~> 3.7.0)
    rspec-support (3.7.1)
    rubocop (0.55.0)
      parallel (~> 1.10)
      parser (>= 2.5)
      powerpack (~> 0.1)
      rainbow (>= 2.2.2, < 4.0)
      ruby-progressbar (~> 1.7)
      unicode-display_width (~> 1.0, >= 1.0.1)
    rubocop-rspec (1.25.1)
      rubocop (>= 0.53.0)
    ruby-progressbar (1.9.0)
    simplecov (0.13.0)
      docile (~> 1.1.0)
      json (>= 1.8, < 3)
      simplecov-html (~> 0.10.0)
    simplecov-html (0.10.2)
    unicode-display_width (1.3.2)
    wonder-ruby-style (0.54.0)
      rubocop (~> 0.49)
      rubocop-rspec (~> 1.15)

PLATFORMS
  ruby

DEPENDENCIES
  bundler
  codeclimate-test-reporter
  deal_with_it!
  rake
  rspec
  simplecov
  wonder-ruby-style

BUNDLED WITH
   1.16.1
